GEM
  remote: https://rubygems.org/
  specs:
    coderay (1.1.3)
    colorize (1.1.0)
    method_source (1.1.0)
    pry (0.15.2)
      coderay (~> 1.1)
      method_source (~> 1.0)

PLATFORMS
  ruby
  x86_64-linux

DEPENDENCIES
  colorize
  pry

RUBY VERSION
   ruby 3.4.2p28

BUNDLED WITH
   2.7.2
